PATH
  remote: /home/arne/github/hexp
  specs:
    hexp (0.2.0)
      equalizer (~> 0.0)
      ice_nine (~> 0.8)
      nokogiri (~> 1.6)
      sass (~> 3.2)

PATH
  remote: /home/arne/github/kramdown
  specs:
    kramdown (1.2.0)

PATH
  remote: /home/arne/github/slippery
  specs:
    slippery (0.0.2)
      hexp (~> 0.0)
      kramdown (~> 1.1)

GEM
  remote: https://rubygems.org/
  specs:
    equalizer (0.0.7)
    ffi (1.9.0)
    ice_nine (0.10.0)
    mini_portile (0.5.1)
    nokogiri (1.6.0)
      mini_portile (~> 0.5.0)
    rake (10.1.0)
    rb-inotify (0.9.2)
      ffi (>= 0.5.0)
    sass (3.2.11)

PLATFORMS
  ruby

DEPENDENCIES
  hexp!
  kramdown!
  rake
  rb-inotify
  slippery!
