GIT
  remote: git://github.com/plexus/hexp.git
  revision: 64745effacbe37af09611694019cc34ec2201e90
  specs:
    hexp (0.2.0)
      equalizer (~> 0.0)
      ice_nine (~> 0.8)
      nokogiri (~> 1.6)
      sass (~> 3.2)

GIT
  remote: git://github.com/plexus/slippery.git
  revision: b7ea3d51b891fbcdb58c13f083d1308af59fa6de
  specs:
    slippery (0.0.2)
      hexp (~> 0.0)
      kramdown (~> 1.1)

GEM
  remote: https://rubygems.org/
  specs:
    equalizer (0.0.7)
    ffi (1.9.0)
    ice_nine (0.10.0)
    kramdown (1.2.0)
    mini_portile (0.5.2)
    nokogiri (1.6.0)
      mini_portile (~> 0.5.0)
    rake (10.1.0)
    rb-inotify (0.9.2)
      ffi (>= 0.5.0)
    sass (3.2.12)

PLATFORMS
  ruby

DEPENDENCIES
  hexp!
  rake
  rb-inotify
  slippery!
